GEM
  remote: https://rubygems.org/
  specs:
    bubble-wrap (1.5.0)
    rake (10.3.1)
    sugarcube (1.6.1)

PLATFORMS
  ruby

DEPENDENCIES
  bubble-wrap (~> 1.5.0)
  rake
  sugarcube
